GEM
  remote: http://rubygems.org/
  specs:
    coffee-script (2.2.0)
      coffee-script-source
      execjs
    coffee-script-source (1.0.1)
    execjs (0.2.0)
    growl (1.0.3)
    guard (0.5.1)
      thor (~> 0.14.6)
    guard-coffeescript (0.3.2)
      coffee-script (>= 2.2.0)
      guard (>= 0.4)
    rake (0.9.2)
    rb-fsevent (0.4.1)
    thor (0.14.6)

PLATFORMS
  ruby

DEPENDENCIES
  coffee-script
  growl
  guard
  guard-coffeescript
  rake
  rb-fsevent
